GIT
  remote: https://sebastianludwig@bitbucket.org/sebastianludwig/protobuf-generate.git
  revision: cd2114897bd9230b551ca9972918fa09bbc14a15
  ref: cd21148
  specs:
    protobuf-generate (0.2.4)
      erubis
      parslet

GEM
  remote: https://rubygems.org/
  specs:
    blankslate (3.1.3)
    colorize (0.7.3)
    erubis (2.7.0)
    json (1.8.1)
    parslet (1.6.2)
      blankslate (>= 2.0, <= 4.0)
    rake (10.3.2)
    rb-fsevent (0.9.4)

PLATFORMS
  ruby

DEPENDENCIES
  colorize
  json
  protobuf-generate (~> 0.2.4)!
  rake (>= 10.1.0)
  rb-fsevent
