GIT
  remote: https://sebastianludwig@bitbucket.org/sebastianludwig/protobuf-generate.git
  revision: 3149ddb564eef9d055eadb896811ccc5233d6500
  ref: 3149ddb
  specs:
    protobuf-generate (0.2.4)
      erubis
      parslet

GEM
  remote: https://rubygems.org/
  specs:
    blankslate (2.1.2.4)
    colorize (0.7.3)
    erubis (2.7.0)
    json (1.8.1)
    parslet (1.6.1)
      blankslate (~> 2.0)
    rake (10.3.2)
    rb-fsevent (0.9.4)

PLATFORMS
  ruby

DEPENDENCIES
  colorize
  json
  protobuf-generate (~> 0.2.4)!
  rake (>= 10.1.0)
  rb-fsevent
