GIT
  remote: https://sebastianludwig@bitbucket.org/sebastianludwig/protobuf-generate.git
  revision: 4a06cbb1ab3822d4bd59dc3a1a27990197f98cea
  ref: 4a06cbb
  specs:
    protobuf-generate (0.2.4)
      erubis
      parslet

GEM
  remote: https://rubygems.org/
  specs:
    blankslate (3.1.3)
    colorize (0.7.3)
    erubis (2.7.0)
    json (2.1.0)
    parslet (1.6.2)
      blankslate (>= 2.0, <= 4.0)
    rake (12.0.0)
    rb-fsevent (0.9.4)

PLATFORMS
  ruby

DEPENDENCIES
  colorize
  json
  protobuf-generate (~> 0.2.4)!
  rake (>= 10.1.0)
  rb-fsevent

BUNDLED WITH
   1.14.6
